GIT
  remote: https://github.com/sapcc/arc-client.git
  revision: 5d9b922d3c19d02f0cd87c7cc93f80802a960b50
  specs:
    arc-client (0.7.1)
      rest-client (~> 2.0.0.rc3)

GIT
  remote: https://github.com/sapcc/monsoon-openstack-auth.git
  revision: 4467cbc0720dcf617855e5778c577d272ab07028
  branch: master
  specs:
    monsoon-openstack-auth (2.0.4)
      excon
      hashie
      rails
      uglifier (>= 1.3.0)

GIT
  remote: https://github.com/sinatra/sinatra
  revision: 6f15fba2790ebdf4d1215cebf425dea2ea3130ea
  specs:
    rack-protection (2.0.5)
      rack
    sinatra (2.0.5)
      mustermann (~> 1.0)
      rack (~> 2.0)
      rack-protection (= 2.0.5)
      tilt (~> 2.0)

GEM
  remote: https://rubygems.org/
  remote: https://gems.***REMOVED***/
  specs:
    actioncable (5.2.0)
      actionpack (= 5.2.0)
      nio4r (~> 2.0)
      websocket-driver (>= 0.6.1)
    actionmailer (5.2.0)
      actionpack (= 5.2.0)
      actionview (= 5.2.0)
      activejob (= 5.2.0)
      mail (~> 2.5, >= 2.5.4)
      rails-dom-testing (~> 2.0)
    actionpack (5.2.0)
      actionview (= 5.2.0)
      activesupport (= 5.2.0)
      rack (~> 2.0)
      rack-test (>= 0.6.3)
      rails-dom-testing (~> 2.0)
      rails-html-sanitizer (~> 1.0, >= 1.0.2)
    actionview (5.2.0)
      activesupport (= 5.2.0)
      builder (~> 3.1)
      erubi (~> 1.4)
      rails-dom-testing (~> 2.0)
      rails-html-sanitizer (~> 1.0, >= 1.0.3)
    active_model_serializers (0.10.9)
      actionpack (>= 4.1, < 6)
      activemodel (>= 4.1, < 6)
      case_transform (>= 0.2)
      jsonapi-renderer (>= 0.1.1.beta1, < 0.3)
    activejob (5.2.0)
      activesupport (= 5.2.0)
      globalid (>= 0.3.6)
    activemodel (5.2.0)
      activesupport (= 5.2.0)
    activerecord (5.2.0)
      activemodel (= 5.2.0)
      activesupport (= 5.2.0)
      arel (>= 9.0)
    activestorage (5.2.0)
      actionpack (= 5.2.0)
      activerecord (= 5.2.0)
      marcel (~> 0.3.1)
    activesupport (5.2.0)
      concurrent-ruby (~> 1.0, >= 1.0.2)
      i18n (>= 0.7, < 2)
      minitest (~> 5.1)
      tzinfo (~> 1.1)
    addressable (2.5.1)
      public_suffix (~> 2.0, >= 2.0.2)
    annotate (2.7.0)
      activerecord (>= 3.2, < 6.0)
      rake (~> 10.4)
    appbundler (0.7.0)
      mixlib-cli (~> 1.4)
    arel (9.0.0)
    berkshelf (6.1.1)
      addressable (~> 2.3, >= 2.3.4)
      berkshelf-api-client (>= 2.0.2, < 4.0)
      buff-config (~> 2.0)
      buff-extensions (~> 2.0)
      cleanroom (~> 1.0)
      concurrent-ruby (~> 1.0)
      faraday (~> 0.9)
      httpclient (~> 2.7)
      minitar (~> 0.5, >= 0.5.4)
      mixlib-archive (~> 0.4)
      mixlib-shellout (~> 2.0)
      octokit (~> 4.0)
      retryable (~> 2.0)
      ridley (~> 5.0)
      solve (> 2.0, < 4.0)
      thor (~> 0.19, < 0.19.2)
    berkshelf-api-client (3.0.0)
      faraday (~> 0.9)
      httpclient (~> 2.7)
      ridley (>= 4.5, < 6.0)
    buff-config (2.0.0)
      buff-extensions (~> 2.0)
      varia_model (~> 0.6)
    buff-extensions (2.0.0)
    buff-ignore (1.2.0)
    buff-ruby_engine (1.0.0)
    buff-shell_out (1.1.0)
      buff-ruby_engine (~> 1.0)
    builder (3.2.3)
    capybara (2.6.2)
      addressable
      mime-types (>= 1.16)
      nokogiri (>= 1.3.3)
      rack (>= 1.0.0)
      rack-test (>= 0.5.4)
      xpath (~> 2.0)
    case_transform (0.2)
      activesupport
    celluloid (0.16.0)
      timers (~> 4.0.0)
    celluloid-io (0.16.2)
      celluloid (>= 0.16.0)
      nio4r (>= 1.1.0)
    chef-config (13.2.20)
      addressable
      fuzzyurl
      mixlib-config (~> 2.0)
      mixlib-shellout (~> 2.0)
    cleanroom (1.0.0)
    coderay (1.1.1)
    concurrent-ruby (1.1.5)
    crass (1.0.4)
    database_cleaner (1.6.2)
    diff-lcs (1.3)
    domain_name (0.5.20170223)
      unf (>= 0.0.5, < 1.0.0)
    dotenv (2.7.1)
    dotenv-rails (2.7.1)
      dotenv (= 2.7.1)
      railties (>= 3.2, < 6.1)
    erubi (1.8.0)
    erubis (2.7.0)
    excon (0.62.0)
    execjs (2.7.0)
    factory_girl (4.5.0)
      activesupport (>= 3.0.0)
    factory_girl_rails (4.6.0)
      factory_girl (~> 4.5.0)
      railties (>= 3.0.0)
    faraday (0.12.1)
      multipart-post (>= 1.2, < 3)
    ffi (1.9.23)
    ffi-libarchive (0.2.0)
      ffi (~> 1.0)
    fuzzyurl (0.9.0)
    gitmirror (0.1.1)
    globalid (0.4.2)
      activesupport (>= 4.2.0)
    hashie (3.6.0)
    hitimes (1.2.5)
    http-cookie (1.0.3)
      domain_name (~> 0.5)
    httparty (0.13.7)
      json (~> 1.8)
      multi_xml (>= 0.5.2)
    httpclient (2.8.3)
    i18n (1.6.0)
      concurrent-ruby (~> 1.0)
    json (1.8.6)
    json-schema (2.2.5)
    json_matchers (0.5.0)
      activesupport (>= 3.0.0)
      json-schema (~> 2.2.5)
    jsonapi-renderer (0.2.0)
    listen (3.1.5)
      rb-fsevent (~> 0.9, >= 0.9.4)
      rb-inotify (~> 0.9, >= 0.9.7)
      ruby_dep (~> 1.2)
    loofah (2.2.3)
      crass (~> 1.0.2)
      nokogiri (>= 1.5.9)
    mail (2.7.1)
      mini_mime (>= 0.1.1)
    marcel (0.3.3)
      mimemagic (~> 0.3.2)
    method_source (0.8.2)
    mime-types (2.99.3)
    mimemagic (0.3.3)
    mini_mime (1.0.1)
    mini_portile2 (2.4.0)
    minitar (0.6.1)
    minitest (5.11.3)
    mixlib-archive (0.4.6)
      mixlib-log
    mixlib-authentication (1.4.1)
      mixlib-log
    mixlib-cli (1.7.0)
    mixlib-config (2.2.4)
    mixlib-log (2.0.4)
    mixlib-shellout (2.2.7)
    molinillo (0.5.7)
    multi_xml (0.5.5)
    multipart-post (2.0.0)
    mustermann (1.0.3)
    netrc (0.11.0)
    nio4r (2.1.0)
    nokogiri (1.10.1)
      mini_portile2 (~> 2.4.0)
    octokit (4.7.0)
      sawyer (~> 0.8.0, >= 0.5.3)
    pg (0.18.4)
    posix-spawn (0.3.11)
    prometheus-client (0.6.0)
      quantile (~> 0.2.0)
    pry (0.10.4)
      coderay (~> 1.1.0)
      method_source (~> 0.8.1)
      slop (~> 3.4)
    pry-rails (0.3.5)
      pry (>= 0.9.10)
    public_suffix (2.0.5)
    puma (3.11.4)
    quantile (0.2.0)
    que (1.0.0.beta3)
    que-web (0.8.0)
      erubis
      que (~> 1.0.0.beta3)
      sinatra
    quiet_safari (1.0.0)
      railties (>= 3.1.0)
    rack (2.0.6)
    rack-test (1.1.0)
      rack (>= 1.0, < 3)
    rails (5.2.0)
      actioncable (= 5.2.0)
      actionmailer (= 5.2.0)
      actionpack (= 5.2.0)
      actionview (= 5.2.0)
      activejob (= 5.2.0)
      activemodel (= 5.2.0)
      activerecord (= 5.2.0)
      activestorage (= 5.2.0)
      activesupport (= 5.2.0)
      bundler (>= 1.3.0)
      railties (= 5.2.0)
      sprockets-rails (>= 2.0.0)
    rails-dom-testing (2.0.3)
      activesupport (>= 4.2.0)
      nokogiri (>= 1.6)
    rails-html-sanitizer (1.0.4)
      loofah (~> 2.2, >= 2.2.2)
    rails_stdout_logging (0.0.4)
    railties (5.2.0)
      actionpack (= 5.2.0)
      activesupport (= 5.2.0)
      method_source
      rake (>= 0.8.7)
      thor (>= 0.18.1, < 2.0)
    rake (10.5.0)
    rb-fsevent (0.10.3)
    rb-inotify (0.10.0)
      ffi (~> 1.0)
    rest-client (2.0.1)
      http-cookie (>= 1.0.2, < 2.0)
      mime-types (>= 1.16, < 4.0)
      netrc (~> 0.8)
    retryable (2.0.4)
    ridley (5.1.1)
      addressable
      buff-config (~> 2.0)
      buff-extensions (~> 2.0)
      buff-ignore (~> 1.2)
      buff-shell_out (~> 1.0)
      celluloid (~> 0.16.0)
      celluloid-io (~> 0.16.1)
      chef-config (>= 12.5.0)
      erubis
      faraday (~> 0.9)
      hashie (>= 2.0.2, < 4.0.0)
      httpclient (~> 2.7)
      json (>= 1.7.7)
      mixlib-authentication (>= 1.3.0)
      retryable (~> 2.0)
      semverse (~> 2.0)
      varia_model (~> 0.6)
    rspec-core (3.8.0)
      rspec-support (~> 3.8.0)
    rspec-expectations (3.8.2)
      diff-lcs (>= 1.2.0, < 2.0)
      rspec-support (~> 3.8.0)
    rspec-mocks (3.8.0)
      diff-lcs (>= 1.2.0, < 2.0)
      rspec-support (~> 3.8.0)
    rspec-rails (3.8.2)
      actionpack (>= 3.0)
      activesupport (>= 3.0)
      railties (>= 3.0)
      rspec-core (~> 3.8.0)
      rspec-expectations (~> 3.8.0)
      rspec-mocks (~> 3.8.0)
      rspec-support (~> 3.8.0)
    rspec-support (3.8.0)
    rswag-specs (1.5.2)
      activesupport (>= 3.1, < 6.0)
      json-schema (~> 2.2)
      railties (>= 3.1, < 6.0)
    ruby_dep (1.5.0)
    sawyer (0.8.1)
      addressable (>= 2.3.5, < 2.6)
      faraday (~> 0.8, < 1.0)
    semverse (2.0.0)
    sentry-raven (2.3.1)
      faraday (>= 0.7.6, < 1.0)
    slop (3.6.0)
    solve (3.1.0)
      molinillo (>= 0.5)
      semverse (>= 1.1, < 3.0)
    spring (2.0.2)
      activesupport (>= 4.2)
    sprockets (3.7.2)
      concurrent-ruby (~> 1.0)
      rack (> 1, < 3)
    sprockets-rails (3.2.1)
      actionpack (>= 4.0)
      activesupport (>= 4.0)
      sprockets (>= 3.0.0)
    swift_client (0.1.3)
      httparty
      mime-types (< 3.0)
    thor (0.19.1)
    thread_safe (0.3.6)
    tilt (2.0.9)
    timers (4.0.4)
      hitimes
    tzinfo (1.2.5)
      thread_safe (~> 0.1)
    uglifier (4.1.20)
      execjs (>= 0.3.0, < 3)
    unf (0.2.0.beta2)
    varia_model (0.6.0)
      buff-extensions (~> 2.0)
      hashie (>= 2.0.2, < 4.0.0)
    websocket-driver (0.7.0)
      websocket-extensions (>= 0.1.0)
    websocket-extensions (0.1.3)
    will_paginate (3.0.12)
    with_advisory_lock (4.0.0)
      activerecord (>= 4.2)
    xpath (2.0.0)
      nokogiri (~> 1.3)

PLATFORMS
  ruby

DEPENDENCIES
  active_model_serializers (>= 0.10.0.rc4)
  annotate
  appbundler (~> 0.7.0)
  arc-client!
  berkshelf (~> 6.1.0)
  capybara
  database_cleaner (~> 1.6.0)
  dotenv-rails
  factory_girl_rails
  ffi-libarchive
  gitmirror!
  httpclient
  json_matchers
  listen (>= 3.0.5, < 3.2)
  monsoon-openstack-auth!
  pg (~> 0.15)
  posix-spawn
  prometheus-client (~> 0.6.0)
  pry-rails
  puma
  que (~> 1.0.0.beta3)
  que-web
  quiet_safari
  rails (= 5.2.0)
  rails_stdout_logging
  rspec-rails
  rswag-specs
  sentry-raven
  sinatra!
  spring
  swift_client
  unf (>= 0.2.0beta2)
  will_paginate (~> 3.0.6)
  with_advisory_lock

RUBY VERSION
   ruby 2.4.5p335

BUNDLED WITH
   2.0.1
